GEM
  remote: http://rubygems.org/
  specs:
    addressable (2.8.0)
      public_suffix (>= 2.0.2, < 5.0)
    faraday (1.0.1)
      multipart-post (>= 1.2, < 3)
    gitlab (3.7.0)
      httparty (~> 0.13.0)
      terminal-table
    httparty (0.13.7)
      json (~> 1.8)
      multi_xml (>= 0.5.2)
    json (1.8.6)
    multi_xml (0.6.0)
    multipart-post (2.1.1)
    octokit (4.21.0)
      faraday (>= 0.9)
      sawyer (~> 0.8.0, >= 0.5.3)
    pronto (0.7.1)
      gitlab (~> 3.6, >= 3.4.0)
      httparty (~> 0.13.7)
      octokit (~> 4.3, >= 4.1.0)
      rainbow (~> 2.1)
      rugged (~> 0.24, >= 0.23.0)
      thor (~> 0.19.0)
    pronto-phpcs (0.1.1)
      pronto (~> 0.7.0)
    pronto-phpmd (0.1.0)
      pronto (~> 0.7.0)
    public_suffix (4.0.6)
    rainbow (2.2.2)
      rake
    rake (13.0.6)
    rugged (0.99.0)
    sawyer (0.8.2)
      addressable (>= 2.3.5)
      faraday (> 0.8, < 2.0)
    terminal-table (3.0.2)
      unicode-display_width (>= 1.1.1, < 3)
    thor (0.19.4)
    unicode-display_width (2.1.0)

PLATFORMS
  ruby

DEPENDENCIES
  pronto (~> 0.7.0)
  pronto-phpcs (~> 0.1.1)
  pronto-phpmd (~> 0.1.0)

BUNDLED WITH
   1.17.3
